GEM
  specs:
    faraday (1.10.3)
      faraday-em_http (~> 1.0)
      faraday-em_synchrony (~> 1.0)
      faraday-excon (~> 1.1)
      faraday-httpclient (~> 1.0)
      faraday-multipart (~> 1.0)
      faraday-net_http (~> 1.0)
      faraday-net_http_persistent (~> 1.0)
      faraday-patron (~> 1.0)
      faraday-rack (~> 1.0)
      faraday-retry (~> 1.0)
      ruby2_keywords (>= 0.0.4)
    faraday-em_http (1.0.0)
    faraday-em_synchrony (1.0.0)
    faraday-excon (1.1.0)
    faraday-httpclient (1.0.1)
    faraday-multipart (1.0.4)
      multipart-post (~> 2)
    faraday-net_http (1.0.1)
    faraday-net_http_persistent (1.2.0)
    faraday-patron (1.0.0)
    faraday-rack (1.0.0)
    faraday-retry (1.0.3)
    faraday_middleware (1.2.0)
      faraday (~> 1.0)
    json (2.5.1)
    logger (1.4.3)
    multipart-post (2.3.0)
    net-http (0.3.2)
      uri
    ovh (0.1.4)
      faraday (~> 1.0, >= 1.0.1)
      faraday_middleware (~> 1.0)
    ruby2_keywords (0.0.5)
    uri (0.10.1)
    yaml (0.1.1)

PLATFORMS
  x86_64-linux

DEPENDENCIES
  json
  logger
  net-http
  ovh
  uri
  yaml

RUBY VERSION
   ruby 3.0.0p0

BUNDLED WITH
   2.2.3
